GEM
  remote: https://gems.ruby-china.com/
  specs:
    psych (3.1.0)

PLATFORMS
  ruby

DEPENDENCIES
  psych

BUNDLED WITH
   2.0.1
